GEM
  remote: http://rubygems.org/
  specs:
    interface (1.0.3)
    mini_portile (0.6.1)
    nokogiri (1.6.4.1)
      mini_portile (~> 0.6.0)
    nokogiri (1.6.4.1-x86-mingw32)
      mini_portile (~> 0.6.0)
    nori (2.4.0)
    slop (3.6.0)

PLATFORMS
  ruby
  x86-mingw32

DEPENDENCIES
  interface (~> 1.0.3)
  nokogiri (~> 1.6.4.1)
  nori (~> 2.4.0)
  slop (~> 3.6.0)
